GEM
  remote: https://rubygems.org/
  specs:
    RedCloth (4.2.9-java)
    activesupport (4.2.6)
      i18n (~> 0.7)
      json (~> 1.7, >= 1.7.7)
      minitest (~> 5.1)
      thread_safe (~> 0.3, >= 0.3.4)
      tzinfo (~> 1.1)
    builder (3.2.2)
    childprocess (0.5.9)
      ffi (~> 1.0, >= 1.0.11)
    diff-lcs (1.2.5)
    docile (1.1.5)
    ffi (1.9.10-java)
    i18n (0.7.0)
    jettywrapper (2.0.3)
      activesupport (>= 3.0.0)
      childprocess
      i18n
      logger
      rubyzip
    json (1.8.3-java)
    logger (1.2.8)
    minitest (5.8.4)
    rake (11.3.0)
    rsolr (1.1.1)
      builder (>= 2.1.2)
    rspec (2.99.0)
      rspec-core (~> 2.99.0)
      rspec-expectations (~> 2.99.0)
      rspec-mocks (~> 2.99.0)
    rspec-core (2.99.2)
    rspec-expectations (2.99.2)
      diff-lcs (>= 1.1.3, < 2.0)
    rspec-mocks (2.99.4)
    rubyzip (1.2.0)
    simplecov (0.11.2)
      docile (~> 1.1.0)
      json (~> 1.8)
      simplecov-html (~> 0.10.0)
    simplecov-html (0.10.0)
    simplecov-rcov (0.2.3)
      simplecov (>= 0.4.1)
    solrj_wrapper (1.0.2)
    solrmarc_wrapper (0.0.6)
    thread_safe (0.3.5-java)
    tzinfo (1.2.2)
      thread_safe (~> 0.1)
    yard (0.8.7.6)

PLATFORMS
  java

DEPENDENCIES
  RedCloth
  jettywrapper
  rake
  rsolr
  rspec (= 2.99)
  simplecov
  simplecov-rcov
  solrj_wrapper
  solrmarc_wrapper
  yard
